GEM
  remote: http://rubygems.org/
  specs:
    json (1.6.1)
    rack (1.3.2)
    rack-test (0.5.7)
      rack (>= 1.0)
    right_aws (2.1.0)
      right_http_connection (>= 1.2.5)
    right_http_connection (1.3.0)
    sinatra (1.2.6)
      rack (~> 1.1)
      tilt (>= 1.2.2, < 2.0)
    tilt (1.3.3)
    tiny_song (0.2.0)
      json
    uuidtools (2.1.2)

PLATFORMS
  ruby

DEPENDENCIES
  rack (= 1.3.2)
  rack-test (= 0.5.7)
  right_aws
  sinatra (= 1.2.6)
  tiny_song
  uuidtools
